GEM
  remote: https://rubygems.org/
  specs:
    byebug (10.0.2)
    childprocess (0.9.0)
      ffi (~> 1.0, >= 1.0.11)
    concurrent-ruby (1.0.5)
    diff-lcs (1.3)
    faker (1.8.7)
      i18n (>= 0.7)
    ffi (1.9.23)
    ffi (1.9.23-x86-mingw32)
    i18n (1.0.1)
      concurrent-ruby (~> 1.0)
    parallel (1.12.1)
    parallel_tests (2.21.3)
      parallel
    rake (12.3.1)
    rspec (3.7.0)
      rspec-core (~> 3.7.0)
      rspec-expectations (~> 3.7.0)
      rspec-mocks (~> 3.7.0)
    rspec-core (3.7.1)
      rspec-support (~> 3.7.0)
    rspec-expectations (3.7.0)
      diff-lcs (>= 1.2.0, < 2.0)
      rspec-support (~> 3.7.0)
    rspec-mocks (3.7.0)
      diff-lcs (>= 1.2.0, < 2.0)
      rspec-support (~> 3.7.0)
    rspec-retry (0.5.7)
      rspec-core (> 3.3)
    rspec-support (3.7.1)
    rubyzip (1.2.1)
    selenium-webdriver (3.11.0)
      childprocess (~> 0.5)
      rubyzip (~> 1.2)

PLATFORMS
  ruby
  x86-mingw32

DEPENDENCIES
  byebug
  faker
  parallel_tests
  rake
  rspec (~> 3.7)
  rspec-expectations (= 3.7)
  rspec-retry
  selenium-webdriver

BUNDLED WITH
   1.16.1
